GEM
  remote: https://rubygems.org/
  specs:
    addressable (2.2.8)
    crack (0.3.2)
      safe_yaml (~> 0.9.0)
    safe_yaml (0.9.3)
    webmock (1.8.8)
      addressable (~> 2.2.8)
      crack (>= 0.1.7)

PLATFORMS
  ruby

DEPENDENCIES
  webmock (= 1.8.8)
