GEM
  remote: https://rubygems.org/
  specs:
    addressable (2.2.8)
      addressable (~> 2.2.8)

PLATFORMS
  ruby


